GEM
  remote: https://rubygems.org/
  specs:
    json (2.3.0)
    rack (2.1.4.3)

PLATFORMS
  ruby

DEPENDENCIES
  json (~> 2.3)
  rack (< 3.0)

BUNDLED WITH
   2.0.1
